GEM
  remote: https://rubygems.org/
  specs:
    rack (3.1.7)
    robocop (0.1.1)
      rack

PLATFORMS
  arm64-darwin-23
  ruby

DEPENDENCIES
  robocop (~> 0.1.1)

BUNDLED WITH
   2.5.18
